GEM
  remote: https://rubygems.org/
  specs:
    coderay (1.1.2)
    method_source (0.9.1)
    pry (0.12.0)
      coderay (~> 1.1.0)
      method_source (~> 0.9.0)
    puma (3.12.0)
    rack (2.0.5)

PLATFORMS
  ruby

DEPENDENCIES
  pry
  puma
  rack

RUBY VERSION
   ruby 2.4.1p111

BUNDLED WITH
   1.17.1
